{
    "Modality": "MR",
    "MagneticFieldStrength": 3,
    "ImagingFrequency": 123.16,
    "Manufacturer": "Siemens",
    "ManufacturersModelName": "Prisma_fit",
    "InstitutionName": "MRRC",
    "InstitutionalDepartmentName": "MR Research",
    "InstitutionAddress": "Lothrop Street 200,Pittsburgh, Pennsylvania,Pittsburgh/Columbus,U",
    "DeviceSerialNumber": "167046",
    "StationName": "AWP167046",
    "BodyPartExamined": "BRAIN",
    "PatientPosition": "HFS",
    "ProcedureStepDescription": "Brain^vogt-NLA",
    "SoftwareVersions": "syngo MR E11",
    "MRAcquisitionType": "2D",
    "SeriesDescription": "SpinEchoFieldMap_AP",
    "ProtocolName": "SpinEchoFieldMap_AP",
    "ScanningSequence": "EP",
    "SequenceVariant": "SK",
    "ScanOptions": "PFP\\FS",
    "SequenceName": "epse2d1_104",
    "ImageType": [
        "ORIGINAL",
        "PRIMARY",
        "M",
        "ND",
        "MOSAIC"
    ],
    "SeriesNumber": 2,
    "AcquisitionTime": "08:34:19.212500",
    "AcquisitionNumber": 1,
    "SliceThickness": 2.1,
    "SpacingBetweenSlices": 2.1,
    "SAR": 0.166212,
    "EchoTime": 0.0504,
    "RepetitionTime": 8.16,
    "FlipAngle": 90,
    "PartialFourier": 0.875,
    "BaseResolution": 104,
    "ShimSetting": [
        1151,
        -2508,
        4618,
        125,
        -124,
        15,
        105,
        19
    ],
    "TxRefAmp": 291.796,
    "PhaseResolution": 1,
    "VendorReportedEchoSpacing": 0.00058,
    "ReceiveCoilName": "Head_32",
    "ReceiveCoilActiveElements": "HEA;HEP",
    "PulseSequenceDetails": "%CustomerSeq%\\cmrr_mbep2d_se",
    "WipMemBlock": "5bdc7041-b3f9-4678-b440-e3300037e110||Sequence: R016 ve11c/master r/e634e98; Dec 19 2017 11:22:56 by eja",
    "CoilCombinationMethod": "Sum of Squares",
    "ConsistencyInfo": "N4_VE11C_LATEST_20160120",
    "MatrixCoilMode": "SENSE",
    "PercentPhaseFOV": 100,
    "PercentSampling": 100,
    "EchoTrainLength": 91,
    "PhaseEncodingSteps": 91,
    "AcquisitionMatrixPE": 104,
    "ReconMatrixPE": 104,
    "BandwidthPerPixelPhaseEncode": 16.578,
    "EffectiveEchoSpacing": 0.000580009,
    "DerivedVendorReportedEchoSpacing": 0.000580009,
    "TotalReadoutTime": 0.0597409,
    "PixelBandwidth": 2290,
    "DwellTime": 2.1e-06,
    "PhaseEncodingDirection": "j-",
    "SliceTiming": [
        4.07,
        0,
        4.1825,
        0.1125,
        4.2975,
        0.2275,
        4.41,
        0.34,
        4.5225,
        0.4525,
        4.635,
        0.565,
        4.7475,
        0.6775,
        4.8625,
        0.7925,
        4.975,
        0.905,
        5.0875,
        1.0175,
        5.2,
        1.13,
        5.315,
        1.245,
        5.4275,
        1.3575,
        5.54,
        1.47,
        5.6525,
        1.5825,
        5.765,
        1.695,
        5.88,
        1.81,
        5.9925,
        1.9225,
        6.105,
        2.035,
        6.2175,
        2.1475,
        6.33,
        2.2625,
        6.445,
        2.375,
        6.5575,
        2.4875,
        6.67,
        2.6,
        6.7825,
        2.7125,
        6.8975,
        2.8275,
        7.01,
        2.94,
        7.1225,
        3.0525,
        7.235,
        3.165,
        7.3475,
        3.28,
        7.4625,
        3.3925,
        7.575,
        3.505,
        7.6875,
        3.6175,
        7.8,
        3.73,
        7.915,
        3.845,
        8.0275,
        3.9575
    ],
    "ImageOrientationPatientDICOM": [
        1,
        0,
        0,
        0,
        0.939693,
        -0.34202
    ],
    "ImageOrientationText": "Tra>Cor(-20.0)",
    "InPlanePhaseEncodingDirectionDICOM": "COL",
    "ConversionSoftware": "dcm2niix",
    "ConversionSoftwareVersion": "v1.0.20220505",
    "Dcm2bidsVersion": "3.0.2"
}