{
    "Modality": "MR",
    "MagneticFieldStrength": 3,
    "ImagingFrequency": 123.259,
    "Manufacturer": "Siemens",
    "ManufacturersModelName": "Prisma_fit",
    "InstitutionName": "mrrc",
    "InstitutionalDepartmentName": "Department",
    "InstitutionAddress": "Lothrop ST 200,Pittsburgh,District,US,15213",
    "DeviceSerialNumber": "167092",
    "StationName": "MRC35073",
    "BodyPartExamined": "BRAIN",
    "PatientPosition": "HFS",
    "ProcedureStepDescription": "Brain^vogt-NLA",
    "SoftwareVersions": "syngo MR E11",
    "MRAcquisitionType": "2D",
    "SeriesDescription": "SpinEchoFieldMap_PA_2",
    "ProtocolName": "SpinEchoFieldMap_PA_2",
    "ScanningSequence": "EP",
    "SequenceVariant": "SK",
    "ScanOptions": "PFP\\FS",
    "SequenceName": "epse2d1_104",
    "ImageType": [
        "ORIGINAL",
        "PRIMARY",
        "M",
        "ND",
        "MOSAIC"
    ],
    "SeriesNumber": 19,
    "AcquisitionTime": "08:36:36.722500",
    "AcquisitionNumber": 1,
    "SliceThickness": 2.1,
    "SpacingBetweenSlices": 2.1,
    "SAR": 0.149722,
    "EchoTime": 0.0504,
    "RepetitionTime": 8.16,
    "FlipAngle": 90,
    "PartialFourier": 0.875,
    "BaseResolution": 104,
    "ShimSetting": [
        2878,
        -11061,
        11809,
        471,
        84,
        -152,
        -8,
        -4
    ],
    "TxRefAmp": 255.079,
    "PhaseResolution": 1,
    "VendorReportedEchoSpacing": 0.00058,
    "ReceiveCoilName": "Head_32",
    "ReceiveCoilActiveElements": "HEA;HEP",
    "PulseSequenceDetails": "%CustomerSeq%\\cmrr_mbep2d_se",
    "WipMemBlock": "0e7f8408-682b-45da-8998-44c5320f1eaf||Sequence: R016 ve11e/master r/434b28f1; Aug  7 2019 19:20:16 by eja",
    "CoilCombinationMethod": "Sum of Squares",
    "ConsistencyInfo": "N4_VE11E_LATEST_20181129",
    "MatrixCoilMode": "SENSE",
    "PercentPhaseFOV": 100,
    "PercentSampling": 100,
    "EchoTrainLength": 91,
    "PhaseEncodingSteps": 91,
    "AcquisitionMatrixPE": 104,
    "ReconMatrixPE": 104,
    "BandwidthPerPixelPhaseEncode": 16.578,
    "EffectiveEchoSpacing": 0.000580009,
    "DerivedVendorReportedEchoSpacing": 0.000580009,
    "TotalReadoutTime": 0.0597409,
    "PixelBandwidth": 2290,
    "DwellTime": 2.1e-06,
    "PhaseEncodingDirection": "j",
    "SliceTiming": [
        4.07,
        0,
        4.1825,
        0.1125,
        4.295,
        0.225,
        4.4075,
        0.3375,
        4.52,
        0.4525,
        4.635,
        0.565,
        4.7475,
        0.6775,
        4.86,
        0.79,
        4.9725,
        0.9025,
        5.0875,
        1.0175,
        5.2,
        1.13,
        5.3125,
        1.2425,
        5.425,
        1.355,
        5.5375,
        1.4675,
        5.6525,
        1.5825,
        5.765,
        1.695,
        5.8775,
        1.8075,
        5.99,
        1.92,
        6.105,
        2.035,
        6.2175,
        2.1475,
        6.33,
        2.26,
        6.4425,
        2.3725,
        6.555,
        2.485,
        6.67,
        2.6,
        6.7825,
        2.7125,
        6.895,
        2.825,
        7.0075,
        2.9375,
        7.12,
        3.0525,
        7.235,
        3.165,
        7.3475,
        3.2775,
        7.46,
        3.39,
        7.5725,
        3.5025,
        7.6875,
        3.6175,
        7.8,
        3.73,
        7.9125,
        3.8425,
        8.025,
        3.955
    ],
    "ImageOrientationPatientDICOM": [
        1,
        0,
        0,
        0,
        0.977783,
        -0.209619
    ],
    "ImageOrientationText": "Tra>Cor(-12.1)",
    "InPlanePhaseEncodingDirectionDICOM": "COL",
    "ConversionSoftware": "dcm2niix",
    "ConversionSoftwareVersion": "v1.0.20220505",
    "Dcm2bidsVersion": "3.0.2"
}