{
    "Modality": "MR",
    "MagneticFieldStrength": 3,
    "ImagingFrequency": 123.255,
    "Manufacturer": "Siemens",
    "ManufacturersModelName": "Prisma_fit",
    "InstitutionName": "MRRC",
    "InstitutionalDepartmentName": "MR Research Center",
    "InstitutionAddress": "Lothrop Street 200,Pittsburgh, Pennsylvania,Pittsburgh - Columbus",
    "DeviceSerialNumber": "67078",
    "StationName": "MRC67078",
    "BodyPartExamined": "BRAIN",
    "PatientPosition": "HFS",
    "ProcedureStepDescription": "Brain^vogt-NLA",
    "SoftwareVersions": "syngo MR E11",
    "MRAcquisitionType": "2D",
    "SeriesDescription": "SpinEchoFieldMap_PA",
    "ProtocolName": "SpinEchoFieldMap_PA",
    "ScanningSequence": "EP",
    "SequenceVariant": "SK",
    "ScanOptions": "PFP\\FS",
    "SequenceName": "epse2d1_104",
    "ImageType": [
        "ORIGINAL",
        "PRIMARY",
        "M",
        "ND",
        "MOSAIC"
    ],
    "SeriesNumber": 3,
    "AcquisitionTime": "13:04:22.202500",
    "AcquisitionNumber": 1,
    "SliceThickness": 2.1,
    "SpacingBetweenSlices": 2.1,
    "SAR": 0.211033,
    "EchoTime": 0.0504,
    "RepetitionTime": 8.16,
    "FlipAngle": 90,
    "PartialFourier": 0.875,
    "BaseResolution": 104,
    "ShimSetting": [
        -1281,
        4076,
        10177,
        681,
        -24,
        -36,
        80,
        16
    ],
    "TxRefAmp": 268.908,
    "PhaseResolution": 1,
    "VendorReportedEchoSpacing": 0.00058,
    "ReceiveCoilName": "Head_32",
    "ReceiveCoilActiveElements": "HEA;HEP",
    "PulseSequenceDetails": "%CustomerSeq%\\cmrr_mbep2d_se",
    "WipMemBlock": "55529749-9761-44ed-a1ed-886ce5a2a503||Sequence: R016 ve11c/master r/e634e98; Dec 19 2017 11:22:56 by eja",
    "CoilCombinationMethod": "Sum of Squares",
    "ConsistencyInfo": "N4_VE11C_LATEST_20160120",
    "MatrixCoilMode": "SENSE",
    "PercentPhaseFOV": 100,
    "PercentSampling": 100,
    "EchoTrainLength": 91,
    "PhaseEncodingSteps": 91,
    "AcquisitionMatrixPE": 104,
    "ReconMatrixPE": 104,
    "BandwidthPerPixelPhaseEncode": 16.578,
    "EffectiveEchoSpacing": 0.000580009,
    "DerivedVendorReportedEchoSpacing": 0.000580009,
    "TotalReadoutTime": 0.0597409,
    "PixelBandwidth": 2290,
    "DwellTime": 2.1e-06,
    "PhaseEncodingDirection": "j",
    "SliceTiming": [
        4.07,
        0,
        4.1825,
        0.1125,
        4.295,
        0.225,
        4.41,
        0.34,
        4.5225,
        0.4525,
        4.635,
        0.565,
        4.7475,
        0.6775,
        4.86,
        0.7925,
        4.975,
        0.905,
        5.0875,
        1.0175,
        5.2,
        1.13,
        5.3125,
        1.2425,
        5.4275,
        1.3575,
        5.54,
        1.47,
        5.6525,
        1.5825,
        5.765,
        1.695,
        5.8775,
        1.81,
        5.9925,
        1.9225,
        6.105,
        2.035,
        6.2175,
        2.1475,
        6.33,
        2.26,
        6.445,
        2.375,
        6.5575,
        2.4875,
        6.67,
        2.6,
        6.7825,
        2.7125,
        6.895,
        2.8275,
        7.01,
        2.94,
        7.1225,
        3.0525,
        7.235,
        3.165,
        7.3475,
        3.2775,
        7.4625,
        3.3925,
        7.575,
        3.505,
        7.6875,
        3.6175,
        7.8,
        3.73,
        7.9125,
        3.8425,
        8.0275,
        3.9575
    ],
    "ImageOrientationPatientDICOM": [
        1,
        0,
        0,
        0,
        0.995056,
        0.0993197
    ],
    "ImageOrientationText": "Tra>Cor(5.7)",
    "InPlanePhaseEncodingDirectionDICOM": "COL",
    "ConversionSoftware": "dcm2niix",
    "ConversionSoftwareVersion": "v1.0.20220505",
    "Dcm2bidsVersion": "3.0.2"
}