{
    "Modality": "MR",
    "MagneticFieldStrength": 3,
    "ImagingFrequency": 123.254,
    "Manufacturer": "Siemens",
    "ManufacturersModelName": "Prisma_fit",
    "InstitutionName": "MRRC",
    "InstitutionalDepartmentName": "MR Research Center",
    "InstitutionAddress": "Lothrop Street 200,Pittsburgh, Pennsylvania,Pittsburgh - Columbus",
    "DeviceSerialNumber": "67078",
    "StationName": "MRC67078",
    "BodyPartExamined": "BRAIN",
    "PatientPosition": "HFS",
    "ProcedureStepDescription": "Brain^vogt-NLA",
    "SoftwareVersions": "syngo MR E11",
    "MRAcquisitionType": "3D",
    "SeriesDescription": "T2w_SPC",
    "ProtocolName": "T2w_SPC",
    "ScanningSequence": "SE",
    "SequenceVariant": "SK\\SP",
    "ScanOptions": "PFP",
    "SequenceName": "*spc_314ns",
    "ImageType": [
        "ORIGINAL",
        "PRIMARY",
        "M",
        "ND",
        "NORM"
    ],
    "SeriesNumber": 21,
    "AcquisitionTime": "08:53:49.210000",
    "AcquisitionNumber": 1,
    "SliceThickness": 1,
    "SAR": 0.139295,
    "EchoTime": 0.564,
    "RepetitionTime": 3.2,
    "SpoilingState": true,
    "FlipAngle": 120,
    "PartialFourier": 1,
    "BaseResolution": 256,
    "ShimSetting": [
        -1263,
        4060,
        10072,
        536,
        -17,
        -212,
        102,
        -17
    ],
    "TxRefAmp": 240.575,
    "PhaseResolution": 1,
    "ReceiveCoilName": "Head_32",
    "ReceiveCoilActiveElements": "HEA;HEP",
    "PulseSequenceDetails": "%SiemensSeq%\\tse_vfl",
    "RefLinesPE": 32,
    "CoilCombinationMethod": "Adaptive Combine",
    "ConsistencyInfo": "N4_VE11C_LATEST_20160120",
    "MatrixCoilMode": "GRAPPA",
    "PercentPhaseFOV": 93.75,
    "PercentSampling": 100,
    "EchoTrainLength": 314,
    "PhaseEncodingSteps": 235,
    "AcquisitionMatrixPE": 240,
    "ReconMatrixPE": 240,
    "ParallelReductionFactorInPlane": 2,
    "PixelBandwidth": 750,
    "DwellTime": 2.6e-06,
    "PhaseEncodingDirection": "i",
    "ImageOrientationPatientDICOM": [
        0,
        1,
        0,
        0,
        0,
        -1
    ],
    "ImageOrientationText": "Sag",
    "InPlanePhaseEncodingDirectionDICOM": "ROW",
    "ConversionSoftware": "dcm2niix",
    "ConversionSoftwareVersion": "v1.0.20220505",
    "Dcm2bidsVersion": "3.0.2"
}